GEM
  remote: http://rubygems.org/
  specs:
    activesupport (3.0.0)
    columnize (0.3.1)
    gemcutter (0.6.1)
    git (1.2.5)
    jeweler (1.4.0)
      gemcutter (>= 0.1.0)
      git (>= 1.2.5)
      rubyforge (>= 2.0.0)
    json_pure (1.4.6)
    linecache (0.43)
    rack (1.2.1)
    rspec (1.3.0)
    ruby-debug (0.10.3)
      columnize (>= 0.1)
      ruby-debug-base (~> 0.10.3.0)
    ruby-debug-base (0.10.3)
      linecache (>= 0.3)
    rubyforge (2.0.4)
      json_pure (>= 1.1.7)
    sinatra (1.0)
      rack (>= 1.0)
    thor (0.14.1)

PLATFORMS
  ruby

DEPENDENCIES
  activesupport
  jeweler
  rspec
  ruby-debug
  sinatra
  thor
